GEM
  remote: https://rubygems.org/
  specs:
    font-awesome-sass (4.3.2.1)
      sass (~> 3.2)
    rack (1.6.4)
    rack-protection (1.5.3)
      rack
    sass (3.4.15)
    sinatra (1.4.6)
      rack (~> 1.4)
      rack-protection (~> 1.4)
      tilt (>= 1.3, < 3)
    tilt (2.0.1)

PLATFORMS
  ruby

DEPENDENCIES
  font-awesome-sass
  sinatra

BUNDLED WITH
   1.10.5
